{
 "Modality": "MR",
 "MagneticFieldStrength": 3,
 "ImagingFrequency": 123.248,
 "Manufacturer": "Siemens",
 "ManufacturersModelName": "Prisma",
 "AccessionNumber": "20",
 "PatientSex": "M",
 "BodyPartExamined": "HEAD",
 "PatientPosition": "HFS",
 "SoftwareVersions": "syngo MR E11",
 "MRAcquisitionType": "2D",
 "SeriesDescription": "cmrr_bold-450_3x3x3.5_mbf4_p2_tr800_fa20",
 "ProtocolName": "cmrr_bold-450_3x3x3.5_mbf4_p2_tr800_fa20",
 "ScanningSequence": "EP",
 "SequenceVariant": "SK\\SS",
 "ScanOptions": "FS\\EXT",
 "SequenceName": "epfid2d3_64",
 "ImageType": [
  "ORIGINAL",
  "PRIMARY",
  "M",
  "MB",
  "TE2",
  "ND",
  "NORM",
  "MOSAIC"
 ],
 "SeriesNumber": 22,
 "AcquisitionNumber": 1,
 "SliceThickness": 3.5,
 "SpacingBetweenSlices": 3.5,
 "SAR": 0.0280342,
 "EchoNumber": 2,
 "EchoTime": 0.03531,
 "RepetitionTime": 0.8,
 "FlipAngle": 20,
 "PartialFourier": 1,
 "BaseResolution": 64,
 "ShimSetting": [4267,-8776,-6076,322,18,-462,-131,83],
 "TxRefAmp": 242.862,
 "PhaseResolution": 1,
 "ReceiveCoilName": "HeadNeck_64",
 "ReceiveCoilActiveElements": "HC1-7;NC1",
 "PulseSequenceDetails": "%CustomerSeq%\\cmrr_mbep2d_bold",
 "WipMemBlock": "980b9a3b-1874-4c7a-9614-469b309ef719||Sequence: R016 ve11c/master r/e634e98; Dec 19 2017 11:00:25 by eja",
 "RefLinesPE": 24,
 "ConsistencyInfo": "N4_VE11C_LATEST_20160120",
 "MultibandAccelerationFactor": 4,
 "PercentPhaseFOV": 100,
 "PercentSampling": 100,
 "EchoTrainLength": 31,
 "PhaseEncodingSteps": 63,
 "AcquisitionMatrixPE": 64,
 "ReconMatrixPE": 64,
 "BandwidthPerPixelPhaseEncode": 56.818,
 "ParallelReductionFactorInPlane": 2,
 "EffectiveEchoSpacing": 0.000275001,
 "DerivedVendorReportedEchoSpacing": 0.000550002,
 "TotalReadoutTime": 0.0173251,
 "PixelBandwidth": 2230,
 "DwellTime": 3.5e-06,
 "PhaseEncodingDirection": "j-",
 "SliceTiming": [0,0.0775,0.155,0.2325,0.3125,0.39,0.4675,0.545,0.6225000000000001,0.7025,0,0.0775,0.155,0.2325,0.3125,0.39,0.4675,0.545,0.6225000000000001,0.7025,0,0.0775,0.155,0.2325,0.3125,0.39,0.4675,0.545,0.6225000000000001,0.7025,0,0.0775,0.155,0.2325,0.3125,0.39,0.4675,0.545,0.6225000000000001,0.7025],
 "ImageOrientationPatientDICOM": [1,0,0,0,0.870356,-0.492424],
 "InPlanePhaseEncodingDirectionDICOM": "COL",
 "ConversionSoftware": "dcm2niix",
 "ConversionSoftwareVersion": "v1.0.20210317"
}