{
 "Modality": "MR",
 "MagneticFieldStrength": 3,
 "ImagingFrequency": 123.248,
 "Manufacturer": "Siemens",
 "ManufacturersModelName": "Prisma",
 "AccessionNumber": "17",
 "PatientSex": "M",
 "BodyPartExamined": "HEAD",
 "PatientPosition": "HFS",
 "SoftwareVersions": "syngo MR E11",
 "MRAcquisitionType": "2D",
 "SeriesDescription": "cmrr_bold-120_3x3x3.5_mbf1_p2_tr3050_fa80",
 "ProtocolName": "cmrr_bold-120_3x3x3.5_mbf1_p2_tr3050_fa80",
 "ScanningSequence": "EP",
 "SequenceVariant": "SK\\SS",
 "ScanOptions": "FS\\EXT",
 "SequenceName": "epfid2d3_64",
 "ImageType": [
  "ORIGINAL",
  "PRIMARY",
  "M",
  "TE3",
  "ND",
  "NORM",
  "MOSAIC"
 ],
 "SeriesNumber": 17,
 "AcquisitionNumber": 1,
 "SliceThickness": 3.5,
 "SpacingBetweenSlices": 3.5,
 "SAR": 0.0634965,
 "EchoNumber": 3,
 "EchoTime": 0.05228,
 "RepetitionTime": 3.05,
 "FlipAngle": 80,
 "PartialFourier": 1,
 "BaseResolution": 64,
 "ShimSetting": [4237,-8814,-6037,251,-48,-388,-3,58],
 "TxRefAmp": 273.757,
 "PhaseResolution": 1,
 "ReceiveCoilName": "HeadNeck_64",
 "ReceiveCoilActiveElements": "HC1-7",
 "PulseSequenceDetails": "%CustomerSeq%\\cmrr_mbep2d_bold",
 "WipMemBlock": "9023615a-6ccc-4a87-99ea-e8830f0c37be||Sequence: R016 ve11c/master r/e634e98; Dec 19 2017 11:00:25 by eja",
 "RefLinesPE": 24,
 "ConsistencyInfo": "N4_VE11C_LATEST_20160120",
 "PercentPhaseFOV": 100,
 "PercentSampling": 100,
 "EchoTrainLength": 31,
 "PhaseEncodingSteps": 63,
 "AcquisitionMatrixPE": 64,
 "ReconMatrixPE": 64,
 "BandwidthPerPixelPhaseEncode": 58.962,
 "ParallelReductionFactorInPlane": 2,
 "EffectiveEchoSpacing": 0.000265001,
 "DerivedVendorReportedEchoSpacing": 0.000530002,
 "TotalReadoutTime": 0.0166951,
 "PixelBandwidth": 2230,
 "DwellTime": 3.5e-06,
 "PhaseEncodingDirection": "j-",
 "SliceTiming": [0,0.075,0.15,0.225,0.3025,0.3775,0.4525,0.53,0.605,0.68,0.755,0.8325,0.9075,0.9825,1.06,1.135,1.21,1.2875,1.3625,1.4375,1.5125,1.59,1.665,1.74,1.8175,1.8925,1.9675,2.045,2.12,2.195,2.27,2.3475,2.4225,2.4975,2.575,2.65,2.725,2.8,2.8775,2.9525],
 "ImageOrientationPatientDICOM": [1,0,0,0,0.894154,-0.447759],
 "InPlanePhaseEncodingDirectionDICOM": "COL",
 "ConversionSoftware": "dcm2niix",
 "ConversionSoftwareVersion": "v1.0.20210317"
}