{
 "Modality": "MR",
 "MagneticFieldStrength": 3,
 "ImagingFrequency": 123.219,
 "Manufacturer": "Siemens",
 "ManufacturersModelName": "Prisma",
 "AccessionNumber": "07",
 "PatientSex": "M",
 "BodyPartExamined": "HEAD",
 "PatientPosition": "HFS",
 "SoftwareVersions": "syngo MR E11",
 "MRAcquisitionType": "2D",
 "SeriesDescription": "gre_field_mapping_3x3x3.5mm",
 "ProtocolName": "gre_field_mapping_3x3x3.5mm",
 "ScanningSequence": "GR",
 "SequenceVariant": "SP",
 "SequenceName": "*fm2d2r",
 "ImageType": [
  "ORIGINAL",
  "PRIMARY",
  "P",
  "ND",
  "PHASE"
 ],
 "SeriesNumber": 4,
 "AcquisitionNumber": 1,
 "SliceThickness": 3.5,
 "SpacingBetweenSlices": 3.5,
 "SAR": 0.0780991,
 "EchoNumber": 2,
 "EchoTime": 0.00738,
 "RepetitionTime": 0.52,
 "FlipAngle": 60,
 "EchoTime1": 0.00492,
 "EchoTime2": 0.00738,
 "PartialFourier": 1,
 "BaseResolution": 64,
 "ShimSetting": [4172,-8704,-6055,665,-73,-97,36,41],
 "TxRefAmp": 222.735,
 "PhaseResolution": 1,
 "ReceiveCoilName": "HeadNeck_64",
 "ReceiveCoilActiveElements": "HC1-7",
 "PulseSequenceDetails": "%SiemensSeq%\\gre_field_mapping",
 "ConsistencyInfo": "N4_VE11C_LATEST_20160120",
 "PercentPhaseFOV": 100,
 "PercentSampling": 100,
 "PhaseEncodingSteps": 64,
 "AcquisitionMatrixPE": 64,
 "ReconMatrixPE": 64,
 "PixelBandwidth": 300,
 "DwellTime": 2.6e-05,
 "PhaseEncodingDirection": "j-",
 "SliceTiming": [0.26563,0,0.27344,0.01563,0.28906,0.02344,0.30469,0.03906,0.3125,0.05469,0.32813,0.07031,0.33594,0.07813000000000001,0.35156,0.09375,0.36719,0.10938,0.38281,0.11719,0.39063,0.13281,0.40625,0.14063,0.41406,0.15625,0.42969,0.17188,0.44531,0.1875,0.45313,0.19531,0.46875,0.21094,0.48438,0.21875,0.5,0.23438,0.50781,0.25],
 "ImageOrientationPatientDICOM": [1,0,0,0,0.918446,-0.395546],
 "InPlanePhaseEncodingDirectionDICOM": "COL",
 "ConversionSoftware": "dcm2niix",
 "ConversionSoftwareVersion": "v1.0.20210317"
}