{
 "Modality": "MR",
 "MagneticFieldStrength": 3,
 "ImagingFrequency": 123.248,
 "Manufacturer": "Siemens",
 "ManufacturersModelName": "Prisma",
 "AccessionNumber": "13",
 "PatientSex": "M",
 "BodyPartExamined": "HEAD",
 "PatientPosition": "HFS",
 "SoftwareVersions": "syngo MR E11",
 "MRAcquisitionType": "2D",
 "SeriesDescription": "gre_field_mapping_3x3x3.5mm",
 "ProtocolName": "gre_field_mapping_3x3x3.5mm",
 "ScanningSequence": "GR",
 "SequenceVariant": "SP",
 "SequenceName": "*fm2d2r",
 "ImageType": [
  "ORIGINAL",
  "PRIMARY",
  "M",
  "ND",
  "NORM"
 ],
 "SeriesNumber": 3,
 "AcquisitionNumber": 1,
 "SliceThickness": 3.5,
 "SpacingBetweenSlices": 3.5,
 "SAR": 0.0920521,
 "EchoNumber": 1,
 "EchoTime": 0.00492,
 "RepetitionTime": 0.52,
 "FlipAngle": 60,
 "PartialFourier": 1,
 "BaseResolution": 64,
 "ShimSetting": [4254,-8772,-6042,419,-10,-489,-32,75],
 "TxRefAmp": 243.515,
 "PhaseResolution": 1,
 "ReceiveCoilName": "HeadNeck_64",
 "ReceiveCoilActiveElements": "HC1-7",
 "PulseSequenceDetails": "%SiemensSeq%\\gre_field_mapping",
 "ConsistencyInfo": "N4_VE11C_LATEST_20160120",
 "PercentPhaseFOV": 100,
 "PercentSampling": 100,
 "PhaseEncodingSteps": 64,
 "AcquisitionMatrixPE": 64,
 "ReconMatrixPE": 64,
 "PixelBandwidth": 300,
 "DwellTime": 2.6e-05,
 "PhaseEncodingDirection": "j-",
 "SliceTiming": [0.25781,0,0.27344,0.01563,0.28125,0.02344,0.29688,0.03906,0.3125,0.05469,0.32813,0.0625,0.33594,0.07813000000000001,0.35156,0.08594,0.36719,0.10156,0.375,0.11719,0.39063,0.13281,0.39844,0.14063,0.41406,0.15625,0.42969,0.17188,0.44531,0.17969,0.45313,0.19531,0.46875,0.20313,0.47656,0.21875,0.49219,0.23438,0.50781,0.25],
 "ImageOrientationPatientDICOM": [1,0,0,0,0.802817,-0.596225],
 "InPlanePhaseEncodingDirectionDICOM": "COL",
 "ConversionSoftware": "dcm2niix",
 "ConversionSoftwareVersion": "v1.0.20210317"
}