{
 "Modality": "MR",
 "MagneticFieldStrength": 3,
 "ImagingFrequency": 123.248,
 "Manufacturer": "Siemens",
 "ManufacturersModelName": "Prisma",
 "AccessionNumber": "18",
 "PatientSex": "M",
 "BodyPartExamined": "HEAD",
 "PatientPosition": "HFS",
 "SoftwareVersions": "syngo MR E11",
 "MRAcquisitionType": "2D",
 "SeriesDescription": "cmrr_bold-600_3x3x3.5_mbf6_p2_tr600_fa20",
 "ProtocolName": "cmrr_bold-600_3x3x3.5_mbf6_p2_tr600_fa20",
 "ScanningSequence": "EP",
 "SequenceVariant": "SK\\SS",
 "ScanOptions": "FS\\EXT",
 "SequenceName": "epfid2d3_64",
 "ImageType": [
  "ORIGINAL",
  "PRIMARY",
  "M",
  "MB",
  "TE1",
  "ND",
  "NORM",
  "MOSAIC"
 ],
 "SeriesNumber": 14,
 "AcquisitionNumber": 1,
 "SliceThickness": 3.5,
 "SpacingBetweenSlices": 3.5,
 "SAR": 0.0299962,
 "EchoNumber": 1,
 "EchoTime": 0.0166,
 "RepetitionTime": 0.6,
 "FlipAngle": 20,
 "PartialFourier": 1,
 "BaseResolution": 64,
 "ShimSetting": [4261,-8800,-6066,404,-14,-513,-56,34],
 "TxRefAmp": 272.692,
 "PhaseResolution": 1,
 "ReceiveCoilName": "HeadNeck_64",
 "ReceiveCoilActiveElements": "HC1-7",
 "PulseSequenceDetails": "%CustomerSeq%\\cmrr_mbep2d_bold",
 "WipMemBlock": "7b7b1388-ea0b-4861-89c4-60e6f97d8b8c||Sequence: R016 ve11c/master r/e634e98; Dec 19 2017 11:00:25 by eja",
 "RefLinesPE": 24,
 "ConsistencyInfo": "N4_VE11C_LATEST_20160120",
 "MultibandAccelerationFactor": 6,
 "PercentPhaseFOV": 100,
 "PercentSampling": 100,
 "EchoTrainLength": 31,
 "PhaseEncodingSteps": 63,
 "AcquisitionMatrixPE": 64,
 "ReconMatrixPE": 64,
 "BandwidthPerPixelPhaseEncode": 54.825,
 "ParallelReductionFactorInPlane": 2,
 "EffectiveEchoSpacing": 0.000284998,
 "DerivedVendorReportedEchoSpacing": 0.000569995,
 "TotalReadoutTime": 0.0179549,
 "PixelBandwidth": 2230,
 "DwellTime": 3.5e-06,
 "PhaseEncodingDirection": "j-",
 "SliceTiming": [0,0.0825,0.1675,0.25,0.3325,0.415,0.4975,0,0.0825,0.1675,0.25,0.3325,0.415,0.4975,0,0.0825,0.1675,0.25,0.3325,0.415,0.4975,0,0.0825,0.1675,0.25,0.3325,0.415,0.4975,0,0.0825,0.1675,0.25,0.3325,0.415,0.4975,0,0.0825,0.1675,0.25,0.3325,0.415,0.4975],
 "ImageOrientationPatientDICOM": [0.999806,0.00673203,0.0184922,3.91121e-08,0.9396679999999999,-0.342086],
 "InPlanePhaseEncodingDirectionDICOM": "COL",
 "ConversionSoftware": "dcm2niix",
 "ConversionSoftwareVersion": "v1.0.20210317"
}