{
 "Modality": "MR",
 "MagneticFieldStrength": 3,
 "ImagingFrequency": 123.248,
 "Manufacturer": "Siemens",
 "ManufacturersModelName": "Prisma",
 "AccessionNumber": "10",
 "PatientSex": "M",
 "BodyPartExamined": "HEAD",
 "PatientPosition": "HFS",
 "SoftwareVersions": "syngo MR E11",
 "MRAcquisitionType": "2D",
 "SeriesDescription": "gre_field_mapping_3x3x3.5mm",
 "ProtocolName": "gre_field_mapping_3x3x3.5mm",
 "ScanningSequence": "GR",
 "SequenceVariant": "SP",
 "SequenceName": "*fm2d2r",
 "ImageType": [
  "ORIGINAL",
  "PRIMARY",
  "M",
  "ND",
  "NORM"
 ],
 "SeriesNumber": 3,
 "AcquisitionNumber": 1,
 "SliceThickness": 3.5,
 "SpacingBetweenSlices": 3.5,
 "SAR": 0.0860127,
 "EchoNumber": 1,
 "EchoTime": 0.00492,
 "RepetitionTime": 0.52,
 "FlipAngle": 60,
 "PartialFourier": 1,
 "BaseResolution": 64,
 "ShimSetting": [4254,-8796,-6045,519,-16,-451,-25,49],
 "TxRefAmp": 225.776,
 "PhaseResolution": 1,
 "ReceiveCoilName": "HeadNeck_64",
 "ReceiveCoilActiveElements": "HC1-7",
 "PulseSequenceDetails": "%SiemensSeq%\\gre_field_mapping",
 "ConsistencyInfo": "N4_VE11C_LATEST_20160120",
 "PercentPhaseFOV": 100,
 "PercentSampling": 100,
 "PhaseEncodingSteps": 64,
 "AcquisitionMatrixPE": 64,
 "ReconMatrixPE": 64,
 "PixelBandwidth": 300,
 "DwellTime": 2.6e-05,
 "PhaseEncodingDirection": "j-",
 "SliceTiming": [0.25,0,0.26563,0,0.28125,0.01563,0.29688,0.03125,0.3125,0.04688,0.3125,0.0625,0.32813,0.07813000000000001,0.34375,0.07813000000000001,0.35938,0.09375,0.375,0.10938,0.39063,0.125,0.39063,0.14063,0.40625,0.14063,0.42188,0.15625,0.4375,0.17188,0.45313,0.1875,0.45313,0.20313,0.46875,0.21875,0.48438,0.21875,0.5,0.23438],
 "ImageOrientationPatientDICOM": [1,0,0,0,0.942057,-0.335452],
 "InPlanePhaseEncodingDirectionDICOM": "COL",
 "ConversionSoftware": "dcm2niix",
 "ConversionSoftwareVersion": "v1.0.20210317"
}