{
 "Modality": "MR",
 "MagneticFieldStrength": 3,
 "ImagingFrequency": 123.219,
 "Manufacturer": "Siemens",
 "ManufacturersModelName": "Prisma",
 "AccessionNumber": "45",
 "PatientSex": "F",
 "BodyPartExamined": "HEAD",
 "PatientPosition": "HFS",
 "SoftwareVersions": "syngo MR E11",
 "MRAcquisitionType": "2D",
 "SeriesDescription": "cmrr_bold-120_3x3x3.5_mbf1_p2_tr3050_fa45",
 "ProtocolName": "cmrr_bold-120_3x3x3.5_mbf1_p2_tr3050_fa45",
 "ScanningSequence": "EP",
 "SequenceVariant": "SK\\SS",
 "ScanOptions": "FS\\EXT",
 "SequenceName": "epfid2d3_64",
 "ImageType": [
  "ORIGINAL",
  "PRIMARY",
  "M",
  "TE3",
  "ND",
  "NORM",
  "MOSAIC"
 ],
 "SeriesNumber": 10,
 "AcquisitionNumber": 1,
 "SliceThickness": 3.5,
 "SpacingBetweenSlices": 3.5,
 "SAR": 0.0246511,
 "EchoNumber": 3,
 "EchoTime": 0.05228,
 "RepetitionTime": 3.05,
 "FlipAngle": 45,
 "PartialFourier": 1,
 "BaseResolution": 64,
 "ShimSetting": [4187,-8716,-6117,460,86,-261,-160,2],
 "TxRefAmp": 206.645,
 "PhaseResolution": 1,
 "ReceiveCoilName": "HeadNeck_64",
 "ReceiveCoilActiveElements": "HC1-7",
 "PulseSequenceDetails": "%CustomerSeq%\\cmrr_mbep2d_bold",
 "WipMemBlock": "cc3b8939-a3b3-40ab-be81-6bca251aaabd||Sequence: ve11c/master r/b8bea8f; Mar  2 2017 16:56:44 by eja",
 "RefLinesPE": 24,
 "ConsistencyInfo": "N4_VE11C_LATEST_20160120",
 "PercentPhaseFOV": 100,
 "PercentSampling": 100,
 "EchoTrainLength": 31,
 "PhaseEncodingSteps": 63,
 "AcquisitionMatrixPE": 64,
 "ReconMatrixPE": 64,
 "BandwidthPerPixelPhaseEncode": 58.962,
 "ParallelReductionFactorInPlane": 2,
 "EffectiveEchoSpacing": 0.000265001,
 "DerivedVendorReportedEchoSpacing": 0.000530002,
 "TotalReadoutTime": 0.0166951,
 "PixelBandwidth": 2230,
 "DwellTime": 3.5e-06,
 "PhaseEncodingDirection": "j-",
 "SliceTiming": [0,0.0775,0.1525,0.2275,0.3025,0.38,0.455,0.53,0.6075,0.6825,0.7575,0.835,0.91,0.985,1.06,1.1375,1.2125,1.2875,1.365,1.44,1.515,1.59,1.6675,1.7425,1.8175,1.895,1.97,2.045,2.1225,2.1975,2.2725,2.3475,2.425,2.5,2.575,2.6525,2.7275,2.8025,2.88,2.955],
 "ImageOrientationPatientDICOM": [1,0,0,0,0.926529,-0.376224],
 "InPlanePhaseEncodingDirectionDICOM": "COL",
 "ConversionSoftware": "dcm2niix",
 "ConversionSoftwareVersion": "v1.0.20210317"
}