{
 "Modality": "MR",
 "MagneticFieldStrength": 3,
 "ImagingFrequency": 123.248,
 "Manufacturer": "Siemens",
 "ManufacturersModelName": "Prisma",
 "AccessionNumber": "18",
 "PatientSex": "M",
 "BodyPartExamined": "HEAD",
 "PatientPosition": "HFS",
 "SoftwareVersions": "syngo MR E11",
 "MRAcquisitionType": "2D",
 "SeriesDescription": "gre_field_mapping_3x3x3.5mm",
 "ProtocolName": "gre_field_mapping_3x3x3.5mm",
 "ScanningSequence": "GR",
 "SequenceVariant": "SP",
 "SequenceName": "*fm2d2r",
 "ImageType": [
  "ORIGINAL",
  "PRIMARY",
  "M",
  "ND",
  "NORM"
 ],
 "SeriesNumber": 3,
 "AcquisitionNumber": 1,
 "SliceThickness": 3.5,
 "SpacingBetweenSlices": 3.5,
 "SAR": 0.0982123,
 "EchoNumber": 1,
 "EchoTime": 0.00492,
 "RepetitionTime": 0.52,
 "FlipAngle": 60,
 "PartialFourier": 1,
 "BaseResolution": 64,
 "ShimSetting": [4261,-8798,-6062,434,-11,-493,-44,34],
 "TxRefAmp": 272.692,
 "PhaseResolution": 1,
 "ReceiveCoilName": "HeadNeck_64",
 "ReceiveCoilActiveElements": "HC1-7",
 "PulseSequenceDetails": "%SiemensSeq%\\gre_field_mapping",
 "ConsistencyInfo": "N4_VE11C_LATEST_20160120",
 "PercentPhaseFOV": 100,
 "PercentSampling": 100,
 "PhaseEncodingSteps": 64,
 "AcquisitionMatrixPE": 64,
 "ReconMatrixPE": 64,
 "PixelBandwidth": 300,
 "DwellTime": 2.6e-05,
 "PhaseEncodingDirection": "j-",
 "SliceTiming": [0.25781,0,0.27344,0.00781,0.28125,0.02344,0.29688,0.03906,0.3125,0.04688,0.32031,0.0625,0.33594,0.07813000000000001,0.34375,0.08594,0.35938,0.10156,0.375,0.11719,0.39063,0.125,0.39844,0.14063,0.41406,0.15625,0.42969,0.16406,0.4375,0.17969,0.45313,0.19531,0.46875,0.20313,0.47656,0.21875,0.49219,0.23438,0.50781,0.24219],
 "ImageOrientationPatientDICOM": [0.999806,0.00673203,0.0184922,3.91121e-08,0.9396679999999999,-0.342086],
 "InPlanePhaseEncodingDirectionDICOM": "COL",
 "ConversionSoftware": "dcm2niix",
 "ConversionSoftwareVersion": "v1.0.20210317"
}