{
 "Modality": "MR",
 "MagneticFieldStrength": 3,
 "ImagingFrequency": 123.248,
 "Manufacturer": "Siemens",
 "ManufacturersModelName": "Prisma",
 "AccessionNumber": "01",
 "PatientSex": "M",
 "BodyPartExamined": "HEAD",
 "PatientPosition": "HFS",
 "SoftwareVersions": "syngo MR E11",
 "MRAcquisitionType": "2D",
 "SeriesDescription": "gre_field_mapping_3x3x3.5mm",
 "ProtocolName": "gre_field_mapping_3x3x3.5mm",
 "ScanningSequence": "GR",
 "SequenceVariant": "SP",
 "SequenceName": "*fm2d2r",
 "ImageType": [
  "ORIGINAL",
  "PRIMARY",
  "M",
  "ND",
  "NORM"
 ],
 "SeriesNumber": 3,
 "AcquisitionNumber": 1,
 "SliceThickness": 3.5,
 "SpacingBetweenSlices": 3.5,
 "SAR": 0.0858001,
 "EchoNumber": 2,
 "EchoTime": 0.00738,
 "RepetitionTime": 0.52,
 "FlipAngle": 60,
 "PartialFourier": 1,
 "BaseResolution": 64,
 "ShimSetting": [4235,-8796,-6029,427,-20,-224,-137,37],
 "TxRefAmp": 221.852,
 "PhaseResolution": 1,
 "ReceiveCoilName": "HeadNeck_64",
 "ReceiveCoilActiveElements": "HC1-7",
 "PulseSequenceDetails": "%SiemensSeq%\\gre_field_mapping",
 "ConsistencyInfo": "N4_VE11C_LATEST_20160120",
 "PercentPhaseFOV": 100,
 "PercentSampling": 100,
 "PhaseEncodingSteps": 64,
 "AcquisitionMatrixPE": 64,
 "ReconMatrixPE": 64,
 "PixelBandwidth": 300,
 "DwellTime": 2.6e-05,
 "PhaseEncodingDirection": "j-",
 "SliceTiming": [0.25781,0,0.26563,0.00781,0.28125,0.02344,0.29688,0.03125,0.30469,0.04688,0.32031,0.0625,0.33594,0.07031,0.34375,0.08594,0.35938,0.10156,0.375,0.10938,0.38281,0.125,0.39844,0.14063,0.41406,0.14844,0.42188,0.16406,0.4375,0.17969,0.45313,0.1875,0.46094,0.20313,0.47656,0.21875,0.49219,0.22656,0.5,0.24219],
 "ImageOrientationPatientDICOM": [1,0,0,0,0.93358,-0.358368],
 "InPlanePhaseEncodingDirectionDICOM": "COL",
 "ConversionSoftware": "dcm2niix",
 "ConversionSoftwareVersion": "v1.0.20210317"
}