{
 "Modality": "MR",
 "MagneticFieldStrength": 3,
 "ImagingFrequency": 123.219,
 "Manufacturer": "Siemens",
 "ManufacturersModelName": "Prisma",
 "AccessionNumber": "40",
 "PatientSex": "F",
 "BodyPartExamined": "HEAD",
 "PatientPosition": "HFS",
 "SoftwareVersions": "syngo MR E11",
 "MRAcquisitionType": "2D",
 "SeriesDescription": "cmrr_bold-600_3x3x3.5_mbf6_p2_tr600_fa45",
 "ProtocolName": "cmrr_bold-600_3x3x3.5_mbf6_p2_tr600_fa45",
 "ScanningSequence": "EP",
 "SequenceVariant": "SK\\SS",
 "ScanOptions": "FS\\EXT",
 "SequenceName": "epfid2d3_64",
 "ImageType": [
  "ORIGINAL",
  "PRIMARY",
  "M",
  "MB",
  "TE2",
  "ND",
  "NORM",
  "MOSAIC"
 ],
 "SeriesNumber": 15,
 "AcquisitionNumber": 1,
 "SliceThickness": 3.5,
 "SpacingBetweenSlices": 3.5,
 "SAR": 0.0413489,
 "EchoNumber": 2,
 "EchoTime": 0.03557,
 "RepetitionTime": 0.6,
 "FlipAngle": 45,
 "PartialFourier": 1,
 "BaseResolution": 64,
 "ShimSetting": [4198,-8772,-6055,553,10,-405,37,35],
 "TxRefAmp": 203.194,
 "PhaseResolution": 1,
 "ReceiveCoilName": "HeadNeck_64",
 "ReceiveCoilActiveElements": "HC1-7",
 "PulseSequenceDetails": "%CustomerSeq%\\cmrr_mbep2d_bold",
 "WipMemBlock": "e5c6f3ca-de61-49d7-bb0e-d7f3044cd487||Sequence: ve11c/master r/b8bea8f; Mar  2 2017 16:56:44 by eja",
 "RefLinesPE": 24,
 "ConsistencyInfo": "N4_VE11C_LATEST_20160120",
 "MultibandAccelerationFactor": 6,
 "PercentPhaseFOV": 100,
 "PercentSampling": 100,
 "EchoTrainLength": 31,
 "PhaseEncodingSteps": 63,
 "AcquisitionMatrixPE": 64,
 "ReconMatrixPE": 64,
 "BandwidthPerPixelPhaseEncode": 54.825,
 "ParallelReductionFactorInPlane": 2,
 "EffectiveEchoSpacing": 0.000284998,
 "DerivedVendorReportedEchoSpacing": 0.000569995,
 "TotalReadoutTime": 0.0179549,
 "PixelBandwidth": 2230,
 "DwellTime": 3.5e-06,
 "PhaseEncodingDirection": "j-",
 "SliceTiming": [0,0.0825,0.165,0.2475,0.33,0.4125,0.4975,0,0.0825,0.165,0.2475,0.33,0.4125,0.4975,0,0.0825,0.165,0.2475,0.33,0.4125,0.4975,0,0.0825,0.165,0.2475,0.33,0.4125,0.4975,0,0.0825,0.165,0.2475,0.33,0.4125,0.4975,0,0.0825,0.165,0.2475,0.33,0.4125,0.4975],
 "ImageOrientationPatientDICOM": [1,0,0,0,0.943801,-0.330514],
 "InPlanePhaseEncodingDirectionDICOM": "COL",
 "ConversionSoftware": "dcm2niix",
 "ConversionSoftwareVersion": "v1.0.20210317"
}