{
 "Modality": "MR",
 "MagneticFieldStrength": 3,
 "ImagingFrequency": 123.248,
 "Manufacturer": "Siemens",
 "ManufacturersModelName": "Prisma",
 "AccessionNumber": "39",
 "PatientSex": "M",
 "BodyPartExamined": "HEAD",
 "PatientPosition": "HFS",
 "SoftwareVersions": "syngo MR E11",
 "MRAcquisitionType": "2D",
 "SeriesDescription": "cmrr_bold-900_3x3x3.5_mbf8_p2_tr400_fa20",
 "ProtocolName": "cmrr_bold-900_3x3x3.5_mbf8_p2_tr400_fa20",
 "ScanningSequence": "EP",
 "SequenceVariant": "SK\\SS",
 "ScanOptions": "FS\\EXT",
 "SequenceName": "epfid2d3_64",
 "ImageType": [
  "ORIGINAL",
  "PRIMARY",
  "M",
  "MB",
  "TE1",
  "ND",
  "NORM",
  "MOSAIC"
 ],
 "SeriesNumber": 28,
 "AcquisitionNumber": 1,
 "SliceThickness": 3.5,
 "SpacingBetweenSlices": 3.5,
 "SAR": 0.0331166,
 "EchoNumber": 1,
 "EchoTime": 0.017,
 "RepetitionTime": 0.4,
 "FlipAngle": 20,
 "PartialFourier": 1,
 "BaseResolution": 64,
 "ShimSetting": [4238,-8751,-6065,489,-113,-175,12,-35],
 "TxRefAmp": 260.338,
 "PhaseResolution": 1,
 "ReceiveCoilName": "HeadNeck_64",
 "ReceiveCoilActiveElements": "HC1-7",
 "PulseSequenceDetails": "%CustomerSeq%\\cmrr_mbep2d_bold",
 "WipMemBlock": "8c753b29-d5ef-434c-bbc2-7345d17435d2||Sequence: R016 ve11c/master r/e634e98; Dec 19 2017 11:00:25 by eja",
 "RefLinesPE": 24,
 "ConsistencyInfo": "N4_VE11C_LATEST_20160120",
 "MultibandAccelerationFactor": 8,
 "PercentPhaseFOV": 100,
 "PercentSampling": 100,
 "EchoTrainLength": 31,
 "PhaseEncodingSteps": 63,
 "AcquisitionMatrixPE": 64,
 "ReconMatrixPE": 64,
 "BandwidthPerPixelPhaseEncode": 58.962,
 "ParallelReductionFactorInPlane": 2,
 "EffectiveEchoSpacing": 0.000265001,
 "DerivedVendorReportedEchoSpacing": 0.000530002,
 "TotalReadoutTime": 0.0166951,
 "PixelBandwidth": 2230,
 "DwellTime": 3.5e-06,
 "PhaseEncodingDirection": "j-",
 "SliceTiming": [0,0.0775,0.1525,0.2275,0.305,0,0.0775,0.1525,0.2275,0.305,0,0.0775,0.1525,0.2275,0.305,0,0.0775,0.1525,0.2275,0.305,0,0.0775,0.1525,0.2275,0.305,0,0.0775,0.1525,0.2275,0.305,0,0.0775,0.1525,0.2275,0.305,0,0.0775,0.1525,0.2275,0.305],
 "ImageOrientationPatientDICOM": [1,0,0,0,0.939693,-0.34202],
 "InPlanePhaseEncodingDirectionDICOM": "COL",
 "ConversionSoftware": "dcm2niix",
 "ConversionSoftwareVersion": "v1.0.20210317"
}