{
 "Modality": "MR",
 "MagneticFieldStrength": 3,
 "ImagingFrequency": 123.248,
 "Manufacturer": "Siemens",
 "ManufacturersModelName": "Prisma",
 "AccessionNumber": "20",
 "PatientSex": "M",
 "BodyPartExamined": "HEAD",
 "PatientPosition": "HFS",
 "SoftwareVersions": "syngo MR E11",
 "MRAcquisitionType": "3D",
 "SeriesDescription": "t1_mprage_sag_p2_1iso",
 "ProtocolName": "t1_mprage_sag_p2_1iso",
 "ScanningSequence": "GR\\IR",
 "SequenceVariant": "SK\\SP\\MP",
 "ScanOptions": "IR",
 "SequenceName": "*tfl3d1_16ns",
 "ImageType": [
  "ORIGINAL",
  "PRIMARY",
  "M",
  "ND",
  "NORM"
 ],
 "SeriesNumber": 2,
 "AcquisitionNumber": 1,
 "SliceThickness": 1,
 "SAR": 0.0581255,
 "EchoTime": 0.00233,
 "RepetitionTime": 2.3,
 "InversionTime": 0.9,
 "FlipAngle": 8,
 "PartialFourier": 1,
 "BaseResolution": 224,
 "ShimSetting": [4246,-8780,-6319,83,-22,-287,-45,51],
 "TxRefAmp": 242.862,
 "PhaseResolution": 1,
 "ReceiveCoilName": "HeadNeck_64",
 "ReceiveCoilActiveElements": "HC1-7;NC1",
 "PulseSequenceDetails": "%SiemensSeq%\\tfl",
 "RefLinesPE": 24,
 "ConsistencyInfo": "N4_VE11C_LATEST_20160120",
 "PercentPhaseFOV": 100,
 "PercentSampling": 100,
 "PhaseEncodingSteps": 223,
 "AcquisitionMatrixPE": 224,
 "ReconMatrixPE": 224,
 "ParallelReductionFactorInPlane": 2,
 "PixelBandwidth": 190,
 "DwellTime": 1.17e-05,
 "ImageOrientationPatientDICOM": [0,1,0,0,0,-1],
 "InPlanePhaseEncodingDirectionDICOM": "ROW",
 "ConversionSoftware": "dcm2niix",
 "ConversionSoftwareVersion": "v1.0.20210317"
}