{
 "Modality": "MR",
 "MagneticFieldStrength": 3,
 "ImagingFrequency": 123.219,
 "Manufacturer": "Siemens",
 "ManufacturersModelName": "Prisma",
 "AccessionNumber": "22",
 "PatientSex": "M",
 "BodyPartExamined": "HEAD",
 "PatientPosition": "HFS",
 "SoftwareVersions": "syngo MR E11",
 "MRAcquisitionType": "2D",
 "SeriesDescription": "cmrr_bold-450_3x3x3.5_mbf4_p2_tr800_fa45",
 "ProtocolName": "cmrr_bold-450_3x3x3.5_mbf4_p2_tr800_fa45",
 "ScanningSequence": "EP",
 "SequenceVariant": "SK\\SS",
 "ScanOptions": "FS\\EXT",
 "SequenceName": "epfid2d3_64",
 "ImageType": [
  "ORIGINAL",
  "PRIMARY",
  "M",
  "MB",
  "TE3",
  "ND",
  "NORM",
  "MOSAIC"
 ],
 "SeriesNumber": 13,
 "AcquisitionNumber": 1,
 "SliceThickness": 3.5,
 "SpacingBetweenSlices": 3.5,
 "SAR": 0.0726006,
 "EchoNumber": 3,
 "EchoTime": 0.05362,
 "RepetitionTime": 0.8,
 "FlipAngle": 45,
 "PartialFourier": 1,
 "BaseResolution": 64,
 "ShimSetting": [4175,-8732,-6071,533,-27,-223,23,57],
 "TxRefAmp": 226.972,
 "PhaseResolution": 1,
 "ReceiveCoilName": "HeadNeck_64",
 "ReceiveCoilActiveElements": "HC1-7",
 "PulseSequenceDetails": "%CustomerSeq%\\cmrr_mbep2d_bold",
 "WipMemBlock": "11a13c3e-eceb-4cb2-be14-8f67702e7c0f||Sequence: ve11c/master r/b8bea8f; Mar  2 2017 16:56:44 by eja",
 "RefLinesPE": 24,
 "ConsistencyInfo": "N4_VE11C_LATEST_20160120",
 "MultibandAccelerationFactor": 4,
 "PercentPhaseFOV": 100,
 "PercentSampling": 100,
 "EchoTrainLength": 31,
 "PhaseEncodingSteps": 63,
 "AcquisitionMatrixPE": 64,
 "ReconMatrixPE": 64,
 "BandwidthPerPixelPhaseEncode": 56.818,
 "ParallelReductionFactorInPlane": 2,
 "EffectiveEchoSpacing": 0.000275001,
 "DerivedVendorReportedEchoSpacing": 0.000550002,
 "TotalReadoutTime": 0.0173251,
 "PixelBandwidth": 2230,
 "DwellTime": 3.5e-06,
 "PhaseEncodingDirection": "j-",
 "SliceTiming": [0,0.08,0.1575,0.235,0.3125,0.39,0.47,0.5475,0.625,0.7025,0,0.08,0.1575,0.235,0.3125,0.39,0.47,0.5475,0.625,0.7025,0,0.08,0.1575,0.235,0.3125,0.39,0.47,0.5475,0.625,0.7025,0,0.08,0.1575,0.235,0.3125,0.39,0.47,0.5475,0.625,0.7025],
 "ImageOrientationPatientDICOM": [1,0,0,0,0.949425,-0.313992],
 "InPlanePhaseEncodingDirectionDICOM": "COL",
 "ConversionSoftware": "dcm2niix",
 "ConversionSoftwareVersion": "v1.0.20210317"
}