{
 "Modality": "MR",
 "MagneticFieldStrength": 3,
 "ImagingFrequency": 123.248,
 "Manufacturer": "Siemens",
 "ManufacturersModelName": "Prisma",
 "AccessionNumber": "50",
 "PatientSex": "F",
 "BodyPartExamined": "HEAD",
 "PatientPosition": "HFS",
 "SoftwareVersions": "syngo MR E11",
 "MRAcquisitionType": "2D",
 "SeriesDescription": "cmrr_bold-450_3x3x3.5_mbf4_p2_tr800_fa45",
 "ProtocolName": "cmrr_bold-450_3x3x3.5_mbf4_p2_tr800_fa45",
 "ScanningSequence": "EP",
 "SequenceVariant": "SK\\SS",
 "ScanOptions": "FS\\EXT",
 "SequenceName": "epfid2d3_64",
 "ImageType": [
  "ORIGINAL",
  "PRIMARY",
  "M",
  "MB",
  "TE1",
  "ND",
  "NORM",
  "MOSAIC"
 ],
 "SeriesNumber": 9,
 "AcquisitionNumber": 1,
 "SliceThickness": 3.5,
 "SpacingBetweenSlices": 3.5,
 "SAR": 0.06374829999999999,
 "EchoNumber": 1,
 "EchoTime": 0.017,
 "RepetitionTime": 0.8,
 "FlipAngle": 45,
 "PartialFourier": 1,
 "BaseResolution": 64,
 "ShimSetting": [4263,-8824,-5960,568,11,-409,-55,79],
 "TxRefAmp": 230.27,
 "PhaseResolution": 1,
 "ReceiveCoilName": "HeadNeck_64",
 "ReceiveCoilActiveElements": "HC1-7;NC1",
 "PulseSequenceDetails": "%CustomerSeq%\\cmrr_mbep2d_bold",
 "WipMemBlock": "9f64b0b9-5ea6-47ea-b0b6-254bfdf0f7b8||Sequence: R016 ve11c/master r/e634e98; Dec 19 2017 11:00:25 by eja",
 "RefLinesPE": 24,
 "ConsistencyInfo": "N4_VE11C_LATEST_20160120",
 "MultibandAccelerationFactor": 4,
 "PercentPhaseFOV": 100,
 "PercentSampling": 100,
 "EchoTrainLength": 31,
 "PhaseEncodingSteps": 63,
 "AcquisitionMatrixPE": 64,
 "ReconMatrixPE": 64,
 "BandwidthPerPixelPhaseEncode": 56.818,
 "ParallelReductionFactorInPlane": 2,
 "EffectiveEchoSpacing": 0.000275001,
 "DerivedVendorReportedEchoSpacing": 0.000550002,
 "TotalReadoutTime": 0.0173251,
 "PixelBandwidth": 2230,
 "DwellTime": 3.5e-06,
 "PhaseEncodingDirection": "j-",
 "SliceTiming": [0,0.08,0.1575,0.235,0.3125,0.39,0.47,0.5475,0.625,0.7025,0,0.08,0.1575,0.235,0.3125,0.39,0.47,0.5475,0.625,0.7025,0,0.08,0.1575,0.235,0.3125,0.39,0.47,0.5475,0.625,0.7025,0,0.08,0.1575,0.235,0.3125,0.39,0.47,0.5475,0.625,0.7025],
 "ImageOrientationPatientDICOM": [1,0,0,0,0.9612619999999999,-0.275637],
 "InPlanePhaseEncodingDirectionDICOM": "COL",
 "ConversionSoftware": "dcm2niix",
 "ConversionSoftwareVersion": "v1.0.20210317"
}