{
 "Modality": "MR",
 "MagneticFieldStrength": 3,
 "ImagingFrequency": 123.219,
 "Manufacturer": "Siemens",
 "ManufacturersModelName": "Prisma",
 "AccessionNumber": "32",
 "PatientSex": "F",
 "BodyPartExamined": "HEAD",
 "PatientPosition": "HFS",
 "SoftwareVersions": "syngo MR E11",
 "MRAcquisitionType": "2D",
 "SeriesDescription": "cmrr_bold-600_3x3x3.5_mbf6_p2_tr600_fa20",
 "ProtocolName": "cmrr_bold-600_3x3x3.5_mbf6_p2_tr600_fa20",
 "ScanningSequence": "EP",
 "SequenceVariant": "SK\\SS",
 "ScanOptions": "FS\\EXT",
 "SequenceName": "epfid2d3_64",
 "ImageType": [
  "ORIGINAL",
  "PRIMARY",
  "M",
  "MB",
  "TE1",
  "ND",
  "NORM",
  "MOSAIC"
 ],
 "SeriesNumber": 7,
 "AcquisitionNumber": 1,
 "SliceThickness": 3.5,
 "SpacingBetweenSlices": 3.5,
 "SAR": 0.0231914,
 "EchoNumber": 1,
 "EchoTime": 0.0166,
 "RepetitionTime": 0.6,
 "FlipAngle": 20,
 "PartialFourier": 1,
 "BaseResolution": 64,
 "ShimSetting": [4188,-8737,-6070,500,-20,-217,-87,48],
 "TxRefAmp": 211.215,
 "PhaseResolution": 1,
 "ReceiveCoilName": "HeadNeck_64",
 "ReceiveCoilActiveElements": "HC1-7;NC1",
 "PulseSequenceDetails": "%CustomerSeq%\\cmrr_mbep2d_bold",
 "WipMemBlock": "06ab4496-1e1c-434a-abd0-866cc89bfb86||Sequence: ve11c/master r/b8bea8f; Mar  2 2017 16:56:44 by eja",
 "RefLinesPE": 24,
 "ConsistencyInfo": "N4_VE11C_LATEST_20160120",
 "MultibandAccelerationFactor": 6,
 "PercentPhaseFOV": 100,
 "PercentSampling": 100,
 "EchoTrainLength": 31,
 "PhaseEncodingSteps": 63,
 "AcquisitionMatrixPE": 64,
 "ReconMatrixPE": 64,
 "BandwidthPerPixelPhaseEncode": 54.825,
 "ParallelReductionFactorInPlane": 2,
 "EffectiveEchoSpacing": 0.000284998,
 "DerivedVendorReportedEchoSpacing": 0.000569995,
 "TotalReadoutTime": 0.0179549,
 "PixelBandwidth": 2230,
 "DwellTime": 3.5e-06,
 "PhaseEncodingDirection": "j-",
 "SliceTiming": [0,0.08500000000000001,0.1675,0.25,0.3325,0.415,0.4975,0,0.08500000000000001,0.1675,0.25,0.3325,0.415,0.4975,0,0.08500000000000001,0.1675,0.25,0.3325,0.415,0.4975,0,0.08500000000000001,0.1675,0.25,0.3325,0.415,0.4975,0,0.08500000000000001,0.1675,0.25,0.3325,0.415,0.4975,0,0.08500000000000001,0.1675,0.25,0.3325,0.415,0.4975],
 "ImageOrientationPatientDICOM": [1,0,0,0,0.931691,-0.363251],
 "InPlanePhaseEncodingDirectionDICOM": "COL",
 "ConversionSoftware": "dcm2niix",
 "ConversionSoftwareVersion": "v1.0.20210317"
}