{
 "Modality": "MR",
 "MagneticFieldStrength": 3,
 "ImagingFrequency": 123.219,
 "Manufacturer": "Siemens",
 "ManufacturersModelName": "Prisma",
 "AccessionNumber": "32",
 "PatientSex": "F",
 "BodyPartExamined": "HEAD",
 "PatientPosition": "HFS",
 "SoftwareVersions": "syngo MR E11",
 "MRAcquisitionType": "2D",
 "SeriesDescription": "cmrr_bold-120_3x3x3.5_mbf1_p2_tr3050_fa45",
 "ProtocolName": "cmrr_bold-120_3x3x3.5_mbf1_p2_tr3050_fa45",
 "ScanningSequence": "EP",
 "SequenceVariant": "SK\\SS",
 "ScanOptions": "FS\\EXT",
 "SequenceName": "epfid2d3_64",
 "ImageType": [
  "ORIGINAL",
  "PRIMARY",
  "M",
  "TE1",
  "ND",
  "NORM",
  "MOSAIC"
 ],
 "SeriesNumber": 15,
 "AcquisitionNumber": 1,
 "SliceThickness": 3.5,
 "SpacingBetweenSlices": 3.5,
 "SAR": 0.0242834,
 "EchoNumber": 1,
 "EchoTime": 0.017,
 "RepetitionTime": 3.05,
 "FlipAngle": 45,
 "PartialFourier": 1,
 "BaseResolution": 64,
 "ShimSetting": [4188,-8732,-6064,514,-18,-203,-74,49],
 "TxRefAmp": 211.215,
 "PhaseResolution": 1,
 "ReceiveCoilName": "HeadNeck_64",
 "ReceiveCoilActiveElements": "HC1-7;NC1",
 "PulseSequenceDetails": "%CustomerSeq%\\cmrr_mbep2d_bold",
 "WipMemBlock": "ee0419e2-1798-4955-ac60-ab0c40b950d5||Sequence: ve11c/master r/b8bea8f; Mar  2 2017 16:56:44 by eja",
 "RefLinesPE": 24,
 "ConsistencyInfo": "N4_VE11C_LATEST_20160120",
 "PercentPhaseFOV": 100,
 "PercentSampling": 100,
 "EchoTrainLength": 31,
 "PhaseEncodingSteps": 63,
 "AcquisitionMatrixPE": 64,
 "ReconMatrixPE": 64,
 "BandwidthPerPixelPhaseEncode": 58.962,
 "ParallelReductionFactorInPlane": 2,
 "EffectiveEchoSpacing": 0.000265001,
 "DerivedVendorReportedEchoSpacing": 0.000530002,
 "TotalReadoutTime": 0.0166951,
 "PixelBandwidth": 2230,
 "DwellTime": 3.5e-06,
 "PhaseEncodingDirection": "j-",
 "SliceTiming": [0,0.075,0.15,0.2275,0.3025,0.3775,0.4525,0.53,0.605,0.68,0.7575,0.8325,0.9075,0.985,1.06,1.135,1.21,1.2875,1.3625,1.4375,1.515,1.59,1.665,1.7425,1.8175,1.8925,1.9675,2.045,2.12,2.195,2.2725,2.3475,2.4225,2.4975,2.575,2.65,2.725,2.8025,2.8775,2.9525],
 "ImageOrientationPatientDICOM": [1,0,0,0,0.931691,-0.363251],
 "InPlanePhaseEncodingDirectionDICOM": "COL",
 "ConversionSoftware": "dcm2niix",
 "ConversionSoftwareVersion": "v1.0.20210317"
}