{
 "Modality": "MR",
 "MagneticFieldStrength": 3,
 "ImagingFrequency": 123.219,
 "Manufacturer": "Siemens",
 "ManufacturersModelName": "Prisma",
 "AccessionNumber": "03",
 "PatientSex": "M",
 "BodyPartExamined": "HEAD",
 "PatientPosition": "HFS",
 "SoftwareVersions": "syngo MR E11",
 "MRAcquisitionType": "2D",
 "SeriesDescription": "cmrr_bold-120_3x3x3.5_mbf1_p2_tr3050_fa80",
 "ProtocolName": "cmrr_bold-120_3x3x3.5_mbf1_p2_tr3050_fa80",
 "ScanningSequence": "EP",
 "SequenceVariant": "SK\\SS",
 "ScanOptions": "FS\\EXT",
 "SequenceName": "epfid2d3_64",
 "ImageType": [
  "ORIGINAL",
  "PRIMARY",
  "M",
  "TE3",
  "ND",
  "NORM",
  "MOSAIC"
 ],
 "SeriesNumber": 17,
 "AcquisitionNumber": 1,
 "SliceThickness": 3.5,
 "SpacingBetweenSlices": 3.5,
 "SAR": 0.0601344,
 "EchoNumber": 3,
 "EchoTime": 0.05228,
 "RepetitionTime": 3.05,
 "FlipAngle": 80,
 "PartialFourier": 1,
 "BaseResolution": 64,
 "ShimSetting": [4169,-8718,-6096,584,-37,-201,-83,24],
 "TxRefAmp": 226.537,
 "PhaseResolution": 1,
 "ReceiveCoilName": "HeadNeck_64",
 "ReceiveCoilActiveElements": "HC1-7;NC1",
 "PulseSequenceDetails": "%CustomerSeq%\\cmrr_mbep2d_bold",
 "WipMemBlock": "5d90a0f1-40af-41b2-b8c0-64d93e6da250||Sequence: ve11c/master r/b8bea8f; Mar  2 2017 16:56:44 by eja",
 "RefLinesPE": 24,
 "ConsistencyInfo": "N4_VE11C_LATEST_20160120",
 "PercentPhaseFOV": 100,
 "PercentSampling": 100,
 "EchoTrainLength": 31,
 "PhaseEncodingSteps": 63,
 "AcquisitionMatrixPE": 64,
 "ReconMatrixPE": 64,
 "BandwidthPerPixelPhaseEncode": 58.962,
 "ParallelReductionFactorInPlane": 2,
 "EffectiveEchoSpacing": 0.000265001,
 "DerivedVendorReportedEchoSpacing": 0.000530002,
 "TotalReadoutTime": 0.0166951,
 "PixelBandwidth": 2230,
 "DwellTime": 3.5e-06,
 "PhaseEncodingDirection": "j-",
 "SliceTiming": [0,0.075,0.1525,0.2275,0.3025,0.3775,0.455,0.53,0.605,0.6825,0.7575,0.8325,0.9075,0.985,1.06,1.135,1.2125,1.2875,1.3625,1.44,1.515,1.59,1.665,1.7425,1.8175,1.8925,1.97,2.045,2.12,2.1975,2.2725,2.3475,2.4225,2.5,2.575,2.65,2.7275,2.8025,2.8775,2.9525],
 "ImageOrientationPatientDICOM": [1,0,0,0,0.869495,-0.493942],
 "InPlanePhaseEncodingDirectionDICOM": "COL",
 "ConversionSoftware": "dcm2niix",
 "ConversionSoftwareVersion": "v1.0.20210317"
}