{
 "Modality": "MR",
 "MagneticFieldStrength": 3,
 "ImagingFrequency": 123.248,
 "Manufacturer": "Siemens",
 "ManufacturersModelName": "Prisma",
 "AccessionNumber": "31",
 "PatientSex": "F",
 "BodyPartExamined": "HEAD",
 "PatientPosition": "HFS",
 "SoftwareVersions": "syngo MR E11",
 "MRAcquisitionType": "2D",
 "SeriesDescription": "cmrr_bold-600_3x3x3.5_mbf6_p2_tr600_fa45",
 "ProtocolName": "cmrr_bold-600_3x3x3.5_mbf6_p2_tr600_fa45",
 "ScanningSequence": "EP",
 "SequenceVariant": "SK\\SS",
 "ScanOptions": "FS\\EXT",
 "SequenceName": "epfid2d3_64",
 "ImageType": [
  "ORIGINAL",
  "PRIMARY",
  "M",
  "MB",
  "TE3",
  "ND",
  "NORM",
  "MOSAIC"
 ],
 "SeriesNumber": 13,
 "AcquisitionNumber": 1,
 "SliceThickness": 3.5,
 "SpacingBetweenSlices": 3.5,
 "SAR": 0.0827775,
 "EchoNumber": 3,
 "EchoTime": 0.05454,
 "RepetitionTime": 0.6,
 "FlipAngle": 45,
 "PartialFourier": 1,
 "BaseResolution": 64,
 "ShimSetting": [4253,-8760,-6017,570,-146,-430,-31,24],
 "TxRefAmp": 222.288,
 "PhaseResolution": 1,
 "ReceiveCoilName": "HeadNeck_64",
 "ReceiveCoilActiveElements": "HC1-7",
 "PulseSequenceDetails": "%CustomerSeq%\\cmrr_mbep2d_bold",
 "WipMemBlock": "4171579f-6252-448e-be47-91ab6dea7d91||Sequence: R016 ve11c/master r/e634e98; Dec 19 2017 11:00:25 by eja",
 "RefLinesPE": 24,
 "ConsistencyInfo": "N4_VE11C_LATEST_20160120",
 "MultibandAccelerationFactor": 6,
 "PercentPhaseFOV": 100,
 "PercentSampling": 100,
 "EchoTrainLength": 31,
 "PhaseEncodingSteps": 63,
 "AcquisitionMatrixPE": 64,
 "ReconMatrixPE": 64,
 "BandwidthPerPixelPhaseEncode": 54.825,
 "ParallelReductionFactorInPlane": 2,
 "EffectiveEchoSpacing": 0.000284998,
 "DerivedVendorReportedEchoSpacing": 0.000569995,
 "TotalReadoutTime": 0.0179549,
 "PixelBandwidth": 2230,
 "DwellTime": 3.5e-06,
 "PhaseEncodingDirection": "j-",
 "SliceTiming": [0,0.0825,0.165,0.25,0.3325,0.415,0.4975,0,0.0825,0.165,0.25,0.3325,0.415,0.4975,0,0.0825,0.165,0.25,0.3325,0.415,0.4975,0,0.0825,0.165,0.25,0.3325,0.415,0.4975,0,0.0825,0.165,0.25,0.3325,0.415,0.4975,0,0.0825,0.165,0.25,0.3325,0.415,0.4975],
 "ImageOrientationPatientDICOM": [1,0,0,0,0.903335,-0.428935],
 "InPlanePhaseEncodingDirectionDICOM": "COL",
 "ConversionSoftware": "dcm2niix",
 "ConversionSoftwareVersion": "v1.0.20210317"
}